STORAGE: NONE
RESTRICTION: || (== netcoreapp3.0) (== netstandard2.0) (== netstandard2.1)
NUGET
  remote: https://api.nuget.org/v3/index.json
    Fable.Core (3.1.4)
      FSharp.Core (>= 4.7)
    Fable.Parsimmon (4.1)
      Fable.Core (>= 3.0)
      FSharp.Core (>= 4.6.2)
    Fable.SimpleJson (3.8.2)
      Fable.Core (>= 3.0)
      Fable.Parsimmon (>= 4.0)
      FSharp.Core (>= 4.7)
    FSharp.Core (4.7)
